GIT
  remote: git://github.com/chrismdp/spork.git
  revision: 63761d5cb9e00817e9f1508d00784f22382aac32
  specs:
    spork (0.9.0.rc2)

GIT
  remote: git://github.com/galetahub/awesome_nested_set.git
  revision: 6c98d59faf3a9de4dc62ba2e34059189cd4799d4
  specs:
    awesome_nested_set (1.5.0)
      activerecord (>= 3.0.0)

GEM
  remote: http://rubygems.org/
  specs:
    RedCloth (4.2.3)
    ZenTest (4.4.2)
    abstract (1.0.0)
    actionmailer (3.0.3)
      actionpack (= 3.0.3)
      mail (~> 2.2.9)
    actionpack (3.0.3)
      activemodel (= 3.0.3)
      activesupport (= 3.0.3)
      builder (~> 2.1.2)
      erubis (~> 2.6.6)
      i18n (~> 0.4)
      rack (~> 1.2.1)
      rack-mount (~> 0.6.13)
      rack-test (~> 0.5.6)
      tzinfo (~> 0.3.23)
    activemodel (3.0.3)
      activesupport (= 3.0.3)
      builder (~> 2.1.2)
      i18n (~> 0.4)
    activerecord (3.0.3)
      activemodel (= 3.0.3)
      activesupport (= 3.0.3)
      arel (~> 2.0.2)
      tzinfo (~> 0.3.23)
    activeresource (3.0.3)
      activemodel (= 3.0.3)
      activesupport (= 3.0.3)
    activesupport (3.0.3)
    acts-as-taggable-on (2.0.6)
    acts_as_list (0.1.2)
    annotate (2.4.0)
    archive-tar-minitar (0.5.2)
    arel (2.0.8)
    autotest (4.4.6)
      ZenTest (>= 4.4.1)
    babosa (0.2.2)
    bcrypt-ruby (2.1.4)
    benhutton-remarkable_activerecord (4.0.0.alpha6)
      remarkable (~> 4.0.0.alpha4)
      remarkable_activemodel (~> 4.0.0.alpha4)
      rspec (>= 2.0.0)
    builder (2.1.2)
    cancan (1.5.1)
    capybara (0.4.1.2)
      celerity (>= 0.7.9)
      culerity (>= 0.2.4)
      mime-types (>= 1.16)
      nokogiri (>= 1.3.3)
      rack (>= 1.0.0)
      rack-test (>= 0.5.4)
      selenium-webdriver (>= 0.0.27)
      xpath (~> 0.1.3)
    carrierwave (0.5.1)
      activesupport (~> 3.0)
    celerity (0.8.7)
    childprocess (0.1.7)
      ffi (~> 0.6.3)
    columnize (0.3.2)
    compass (0.10.6)
      haml (>= 3.0.4)
    configuration (1.2.0)
    culerity (0.2.15)
    daemons (1.0.10)
    database_cleaner (0.6.3)
    devise (1.1.3)
      bcrypt-ruby (~> 2.1.2)
      warden (~> 0.10.7)
    diff-lcs (1.1.2)
    email_spec (1.1.1)
      rspec (~> 2.0)
    erubis (2.6.6)
      abstract (>= 1.0.0)
    factory_girl (1.3.3)
    factory_girl_rails (1.0.1)
      factory_girl (~> 1.3)
      railties (>= 3.0.0)
    faker (0.9.5)
      i18n (~> 0.4)
    ffi (0.6.3)
      rake (>= 0.8.7)
    friendly_id (3.2.0)
      babosa (~> 0.2.1)
    gem_plugin (0.2.3)
    geocoder (1.0.4)
    haml (3.0.25)
    has_scope (0.5.0)
    i18n (0.5.0)
    inherited_resources (1.2.1)
      has_scope (~> 0.5.0)
      responders (~> 0.6.0)
    jquery-rails (0.2.7)
      rails (~> 3.0)
      thor (~> 0.14.4)
    json_pure (1.4.6)
    launchy (0.3.7)
      configuration (>= 0.0.5)
      rake (>= 0.8.1)
    linecache19 (0.5.11)
      ruby_core_source (>= 0.1.4)
    mail (2.2.15)
      activesupport (>= 2.3.6)
      i18n (>= 0.4.0)
      mime-types (~> 1.16)
      treetop (~> 1.4.8)
    meta_search (1.0.1)
      actionpack (~> 3.0.2)
      activerecord (~> 3.0.2)
      activesupport (~> 3.0.2)
      arel (~> 2.0.2)
    mime-types (1.16)
    mini_magick (3.2)
      subexec (~> 0.0.4)
    mongrel (1.2.0.pre2)
      daemons (~> 1.0.10)
      gem_plugin (~> 0.2.3)
    mysql2 (0.2.6)
    nokogiri (1.4.4)
    pdfkit (0.5.2)
    polyglot (0.3.1)
    rack (1.2.1)
    rack-mount (0.6.13)
      rack (>= 1.0.0)
    rack-ssl-enforcer (0.2.2)
    rack-test (0.5.7)
      rack (>= 1.0)
    rails (3.0.3)
      actionmailer (= 3.0.3)
      actionpack (= 3.0.3)
      activerecord (= 3.0.3)
      activeresource (= 3.0.3)
      activesupport (= 3.0.3)
      bundler (~> 1.0)
      railties (= 3.0.3)
    railties (3.0.3)
      actionpack (= 3.0.3)
      activesupport (= 3.0.3)
      rake (>= 0.8.7)
      thor (~> 0.14.4)
    rake (0.8.7)
    remarkable (4.0.0.alpha4)
      rspec (>= 2.0.0.alpha11)
    remarkable_activemodel (4.0.0.alpha4)
      remarkable (~> 4.0.0.alpha4)
      rspec (>= 2.0.0.alpha11)
    responders (0.6.2)
    rqrcode (0.4.2)
    rqrcode-rails3 (0.1.3)
      rqrcode (>= 0.3.3)
    rspec (2.5.0)
      rspec-core (~> 2.5.0)
      rspec-expectations (~> 2.5.0)
      rspec-mocks (~> 2.5.0)
    rspec-core (2.5.1)
    rspec-expectations (2.5.0)
      diff-lcs (~> 1.1.2)
    rspec-mocks (2.5.0)
    rspec-rails (2.5.0)
      actionpack (~> 3.0)
      activesupport (~> 3.0)
      railties (~> 3.0)
      rspec (~> 2.5.0)
    ruby-debug-base19 (0.11.24)
      columnize (>= 0.3.1)
      linecache19 (>= 0.5.11)
      ruby_core_source (>= 0.1.4)
    ruby-debug19 (0.11.6)
      columnize (>= 0.3.1)
      linecache19 (>= 0.5.11)
      ruby-debug-base19 (>= 0.11.19)
    ruby_core_source (0.1.4)
      archive-tar-minitar (>= 0.5.2)
    rubyzip (0.9.4)
    sanitize (2.0.3)
      nokogiri (>= 1.4.4, < 1.6)
    selenium-webdriver (0.1.3)
      childprocess (~> 0.1.5)
      ffi (~> 0.6.3)
      json_pure
      rubyzip
    simple_form (1.3.1)
    steak (1.1.0)
      rspec (>= 1.3)
    subexec (0.0.4)
    thor (0.14.6)
    treetop (1.4.9)
      polyglot (>= 0.3.1)
    truncate_html (0.5.1)
    tzinfo (0.3.24)
    warden (0.10.7)
      rack (>= 1.0.0)
    webrat (0.7.3)
      nokogiri (>= 1.2.0)
      rack (>= 1.0)
      rack-test (>= 0.5.3)
    will_paginate (3.0.pre2)
    wkhtmltopdf-binary (0.9.9.1)
    xpath (0.1.3)
      nokogiri (~> 1.3)

PLATFORMS
  ruby

DEPENDENCIES
  RedCloth (= 4.2.3)
  acts-as-taggable-on
  acts_as_list
  annotate
  autotest
  awesome_nested_set!
  benhutton-remarkable_activerecord (>= 4.0.0.alpha6)
  cancan
  capybara
  carrierwave (= 0.5.1)
  compass
  database_cleaner
  devise (= 1.1.3)
  email_spec
  factory_girl_rails
  faker
  friendly_id (= 3.2.0)
  geocoder
  haml
  has_scope
  inherited_resources
  jquery-rails
  json_pure (= 1.4.6)
  launchy
  meta_search
  mini_magick
  mongrel (= 1.2.0.pre2)
  mysql2
  pdfkit
  rack-ssl-enforcer (= 0.2.2)
  rails (= 3.0.3)
  rqrcode-rails3
  rspec-rails
  ruby-debug19
  sanitize
  simple_form
  spork!
  steak
  truncate_html
  webrat
  will_paginate (= 3.0.pre2)
  wkhtmltopdf-binary
